GEM
  remote: https://rubygems.org/
  specs:

PLATFORMS
  universal-java-17

DEPENDENCIES

BUNDLED WITH
   2.3.7
